GEM
  remote: https://rubygems.org/
  specs:
    haml (5.2.0)
      temple (>= 0.8.0)
      tilt
    mustermann (1.1.1)
      ruby2_keywords (~> 0.0.1)
    rack (2.2.3.1)
    rack-protection (2.1.0)
      rack
    ruby2_keywords (0.0.2)
    sinatra (2.1.0)
      mustermann (~> 1.0)
      rack (~> 2.2)
      rack-protection (= 2.1.0)
      tilt (~> 2.0)
    temple (0.8.2)
    tilt (2.0.10)

PLATFORMS
  ruby

DEPENDENCIES
  haml (= 5.2.0)
  rack (= 2.2.3.1)
  sinatra (= 2.1.0)
  tilt (= 2.0.10)

RUBY VERSION
   ruby 2.7.2p137

BUNDLED WITH
   2.1.4
